FRAMEWORK: >= NET40
NUGET
  remote: https://www.nuget.org/api/v2
    FSharp.Compiler.Service (8.0)
      System.Collections.Immutable (>= 1.2)
      System.Reflection.Metadata (>= 1.4.1-beta-24227-04)
    FSharp.Core (4.0.0.1)
    Microsoft.Build (15.1.0-preview-000370-00)
      Microsoft.Build.Framework (15.1.0-preview-000370-00) - framework: >= net46
    Microsoft.Build.Framework (15.1.0-preview-000370-00)
      System.Collections (>= 4.0.11) - framework: >= net46
      System.Diagnostics.Debug (>= 4.0.11) - framework: >= net46
      System.Globalization (>= 4.0.11) - framework: >= net46
      System.Runtime (>= 4.1) - framework: >= net46
      System.Runtime.InteropServices (>= 4.1) - framework: >= net46
      System.Threading (>= 4.0.11) - framework: >= net46
      System.Threading.Thread (>= 4.0) - framework: >= net46
    Microsoft.Build.Runtime (15.1.0-preview-000370-00)
      Microsoft.Build (15.1.0-preview-000370-00) - framework: >= net46
      Microsoft.Build.Framework (15.1.0-preview-000370-00) - framework: >= net46
      Microsoft.Build.Tasks.Core (15.1.0-preview-000370-00) - framework: >= net46
      Microsoft.Build.Utilities.Core (15.1.0-preview-000370-00) - framework: >= net46
    Microsoft.Build.Tasks.Core (15.1.0-preview-000370-00) - framework: >= net46
      Microsoft.Build.Framework (15.1.0-preview-000370-00) - framework: >= net46
      Microsoft.Build.Utilities.Core (15.1.0-preview-000370-00) - framework: >= net46
    Microsoft.Build.Utilities.Core (15.1.0-preview-000370-00)
      Microsoft.Build.Framework (15.1.0-preview-000370-00) - framework: >= net46
    NUnit (3.5)
    System.Collections (4.3) - framework: >= net46
    System.Collections.Immutable (1.2)
    System.Diagnostics.Debug (4.3) - framework: >= net46
    System.Globalization (4.3) - framework: >= net46
    System.Reflection.Metadata (1.4.1-beta-24430-01)
      System.Collections.Immutable (>= 1.2) - framework: >= net45
    System.Runtime (4.3)
    System.Runtime.InteropServices (4.3) - framework: >= net46
      System.Runtime (>= 4.3) - framework: >= net462
    System.Threading (4.3) - framework: >= net46
    System.Threading.Thread (4.3) - framework: >= net46

GROUP Build
NUGET
  remote: https://www.nuget.org/api/v2
    FAKE (4.45.2)
    FSharp.Compiler.Service (2.0.0.6)
    FSharp.Formatting (2.14.4)
      FSharp.Compiler.Service (2.0.0.6)
      FSharpVSPowerTools.Core (>= 2.3 < 2.4)
    FSharpVSPowerTools.Core (2.3)
      FSharp.Compiler.Service (>= 2.0.0.3)
    Microsoft.Bcl (1.1.10) - framework: net10, net11, net20, net30, net35, net40, net40-full
      Microsoft.Bcl.Build (>= 1.0.14)
    Microsoft.Bcl.Build (1.0.21) - import_targets: false, framework: net10, net11, net20, net30, net35, net40, net40-full
    Microsoft.Net.Http (2.2.29) - framework: net10, net11, net20, net30, net35, net40, net40-full
      Microsoft.Bcl (>= 1.1.10)
      Microsoft.Bcl.Build (>= 1.0.14)
    Octokit (0.23)
      Microsoft.Net.Http  - framework: net10, net11, net20, net30, net35, net40, net40-full
    SourceLink.Fake (1.1)
GITHUB
  remote: fsharp/FAKE
    modules/Octokit/Octokit.fsx (eaf899a7be2e2c0cb5c00a022f19f67c2d2c337e)
      Octokit (>= 0.20)
GROUP Test
NUGET
  remote: https://www.nuget.org/api/v2
    NUnit (3.5)
    NUnit.ConsoleRunner (3.5)
    NUnit.Extension.NUnitProjectLoader (3.5)
    NUnit.Extension.NUnitV2Driver (3.5)
    NUnit.Extension.NUnitV2ResultWriter (3.5)
    NUnit.Extension.TeamCityEventListener (1.0.2)
    NUnit.Extension.VSProjectLoader (3.5)
    NUnit.Runners (3.5)
      NUnit.ConsoleRunner (>= 3.5)
      NUnit.Extension.NUnitProjectLoader (>= 3.5)
      NUnit.Extension.NUnitV2Driver (>= 3.5)
      NUnit.Extension.NUnitV2ResultWriter (>= 3.5)
      NUnit.Extension.TeamCityEventListener (>= 1.0.2)
      NUnit.Extension.VSProjectLoader (>= 3.5)
